GEM
  remote: https://rubygems.org/
  specs:
    bigdecimal (3.1.8)
    json (2.7.6)
    minitest (5.25.2)
    ruby-ole (1.2.13.1)
    spreadsheet (1.3.3)
      bigdecimal
      ruby-ole

PLATFORMS
  x64-mingw-ucrt

DEPENDENCIES
  json (~> 2.7.6)
  minitest (~> 5.25.2)
  spreadsheet (~> 1.3.3)

RUBY VERSION
   ruby 3.3.5p100

BUNDLED WITH
   2.5.16
